PATH
  remote: .
  specs:
    ruby_marks (0.0.1.dev)
      rmagick

GEM
  remote: http://rubygems.org/
  specs:
    rmagick (2.13.1)

PLATFORMS
  ruby

DEPENDENCIES
  rmagick
  ruby_marks!
