PATH
  remote: .
  specs:
    ruby_marks (0.2.1)
      rmagick

GEM
  remote: http://rubygems.org/
  specs:
    rake (0.9.2.2)
    rmagick (2.13.1)

PLATFORMS
  ruby

DEPENDENCIES
  rake
  rmagick
  ruby_marks!
