PATH
  remote: .
  specs:
    ruby_marks (0.4.0)
      rmagick (= 2.13.1)

GEM
  remote: https://rubygems.org/
  specs:
    rake (0.9.2.2)
    rmagick (2.13.1)

PLATFORMS
  ruby

DEPENDENCIES
  rake
  rmagick (= 2.13.1)
  ruby_marks!
